GEM
  remote: https://rubygems.org/
  specs:
    RubyInline (3.12.4)
      ZenTest (~> 4.3)
    ZenTest (4.11.0)
    activesupport (4.2.6)
      i18n (~> 0.7)
      json (~> 1.7, >= 1.7.7)
      minitest (~> 5.1)
      thread_safe (~> 0.3, >= 0.3.4)
      tzinfo (~> 1.1)
    claide (1.0.0.beta.3)
    cocoapods (1.0.0.beta.7)
      activesupport (>= 4.0.2)
      claide (>= 1.0.0.beta.3, < 2.0)
      cocoapods-core (= 1.0.0.beta.7)
      cocoapods-deintegrate (>= 1.0.0.beta.1, < 2.0)
      cocoapods-downloader (= 1.0.0.beta.3)
      cocoapods-plugins (>= 1.0.0.beta.1, < 2.0)
      cocoapods-search (= 1.0.0.beta.2)
      cocoapods-stats (= 1.0.0.beta.4)
      cocoapods-trunk (= 1.0.0.beta.3)
      cocoapods-try (>= 1.0.0.beta.3, < 2.0)
      colored (~> 1.2)
      escape (~> 0.0.4)
      fourflusher (~> 0.3.0)
      molinillo (~> 0.4.4)
      nap (~> 1.0)
      xcodeproj (= 1.0.0.beta.4)
    cocoapods-browser (0.1.5)
      cocoapods
    cocoapods-core (1.0.0.beta.7)
      activesupport (>= 4.0.2)
      fuzzy_match (~> 2.0.4)
      nap (~> 1.0)
    cocoapods-deintegrate (1.0.0.beta.1)
    cocoapods-downloader (1.0.0.beta.3)
    cocoapods-keys (1.6.1)
      dotenv
      osx_keychain
    cocoapods-plugins (1.0.0.beta.1)
      nap
    cocoapods-search (1.0.0.beta.2)
    cocoapods-stats (1.0.0.beta.4)
    cocoapods-superdeintegrate (0.0.1)
      cocoapods-deintegrate
    cocoapods-trunk (1.0.0.beta.3)
      nap (>= 0.8, < 2.0)
      netrc (= 0.7.8)
    cocoapods-try (1.0.0.beta.4)
    colored (1.2)
    dotenv (2.1.1)
    escape (0.0.4)
    fourflusher (0.3.0)
    fuzzy_match (2.0.4)
    i18n (0.7.0)
    json (1.8.3)
    label (1.0.0)
    minitest (5.8.4)
    molinillo (0.4.4)
    nap (1.1.0)
    netrc (0.7.8)
    osx_keychain (1.0.1)
      RubyInline (~> 3)
    rouge (1.10.1)
    thread_safe (0.3.5)
    tzinfo (1.2.2)
      thread_safe (~> 0.1)
    xcodeproj (1.0.0.beta.4)
      activesupport (>= 3)
      claide (>= 1.0.0.beta.1, < 2.0)
      colored (~> 1.2)
    xcpretty (0.2.2)
      rouge (~> 1.8)

PLATFORMS
  ruby

DEPENDENCIES
  cocoapods (= 1.0.0.beta.7)
  cocoapods-browser
  cocoapods-deintegrate
  cocoapods-keys
  cocoapods-superdeintegrate
  label
  xcpretty (= 0.2.2)

BUNDLED WITH
   1.12.0.rc.2
